GEM
  remote: https://rubygems.org/
  specs:
    activesupport (5.0.2)
      concurrent-ruby (~> 1.0, >= 1.0.2)
      i18n (~> 0.7)
      minitest (~> 5.1)
      tzinfo (~> 1.1)
    andand (1.3.3)
    concurrent-ruby (1.0.5)
    i18n (0.8.1)
    mini_portile2 (2.1.0)
    minitest (5.10.1)
    nokogiri (1.7.1)
      mini_portile2 (~> 2.1.0)
    onix (0.9.5)
      activesupport (>= 3.0.5)
      andand
      i18n
      nokogiri (~> 1.4)
      roxml (~> 3.3.1)
    roxml (3.3.1)
      activesupport (>= 2.3.0)
      nokogiri (>= 1.3.3)
    thread_safe (0.3.6)
    tzinfo (1.2.3)
      thread_safe (~> 0.1)

PLATFORMS
  ruby

DEPENDENCIES
  onix

BUNDLED WITH
   1.14.6
